GEM
  remote: https://rubygems.org/
  specs:
    citrus (3.0.2)
    coderay (1.1.1)
    method_source (0.8.2)
    pry (0.10.3)
      coderay (~> 1.1.0)
      method_source (~> 0.8.1)
      slop (~> 3.4)
    slop (3.6.0)

PLATFORMS
  ruby

DEPENDENCIES
  citrus
  pry

BUNDLED WITH
   1.12.3
